GEM
  remote: https://rubygems.org/
  specs:
    addressable (2.8.4)
      public_suffix (>= 2.0.2, < 6.0)
    adsf (1.4.6)
      rack (>= 1.0.0, < 3.0.0)
    builder (3.2.4)
    coderay (1.1.3)
    colored (1.2)
    concurrent-ruby (1.2.2)
    cri (2.15.11)
    ddmetrics (1.0.1)
    ddplugin (1.0.3)
    diff-lcs (1.5.0)
    ffi (1.15.4)
    formatador (0.3.0)
    guard (2.18.0)
      formatador (>= 0.2.4)
      listen (>= 2.7, < 4.0)
      lumberjack (>= 1.0.12, < 2.0)
      nenv (~> 0.1)
      notiffany (~> 0.0)
      pry (>= 0.13.0)
      shellany (~> 0.0)
      thor (>= 0.18.1)
    guard-compat (1.2.1)
    guard-nanoc (2.1.9)
      guard (~> 2.8)
      guard-compat (~> 1.0)
      nanoc-cli (~> 4.11, >= 4.11.14)
      nanoc-core (~> 4.11, >= 4.11.14)
    hamster (3.0.0)
      concurrent-ruby (~> 1.0)
    json_schema (0.21.0)
    kramdown (2.4.0)
      rexml
    listen (3.7.0)
      rb-fsevent (~> 0.10, >= 0.10.3)
      rb-inotify (~> 0.9, >= 0.9.10)
    lumberjack (1.2.8)
    memo_wise (1.7.0)
    method_source (1.0.0)
    minitest (5.14.4)
    nanoc (4.12.15)
      addressable (~> 2.5)
      colored (~> 1.2)
      nanoc-checking (~> 1.0, >= 1.0.2)
      nanoc-cli (= 4.12.15)
      nanoc-core (= 4.12.15)
      nanoc-deploying (~> 1.0)
      parallel (~> 1.12)
      tty-command (~> 0.8)
      tty-which (~> 0.4)
    nanoc-checking (1.0.2)
      nanoc-cli (~> 4.12, >= 4.12.4)
      nanoc-core (~> 4.12, >= 4.12.4)
    nanoc-cli (4.12.15)
      cri (~> 2.15)
      diff-lcs (~> 1.3)
      nanoc-core (= 4.12.15)
      zeitwerk (~> 2.1)
    nanoc-core (4.12.15)
      concurrent-ruby (~> 1.1)
      ddmetrics (~> 1.0)
      ddplugin (~> 1.0)
      hamster (~> 3.0)
      json_schema (~> 0.19)
      memo_wise (~> 1.5)
      psych (~> 4.0)
      slow_enumerator_tools (~> 1.0)
      tty-platform (~> 0.2)
      zeitwerk (~> 2.1)
    nanoc-deploying (1.0.2)
      nanoc-checking (~> 1.0)
      nanoc-cli (~> 4.11, >= 4.11.15)
      nanoc-core (~> 4.11, >= 4.11.15)
    nenv (0.3.0)
    nio4r (2.5.9)
    nokogiri (1.14.3-x86_64-darwin)
      racc (~> 1.4)
    notiffany (0.1.3)
      nenv (~> 0.1)
      shellany (~> 0.0)
    parallel (1.23.0)
    pastel (0.8.0)
      tty-color (~> 0.5)
    pry (0.14.1)
      coderay (~> 1.1)
      method_source (~> 1.0)
    psych (4.0.6)
      stringio
    public_suffix (5.0.1)
    puma (6.2.2)
      nio4r (~> 2.0)
    racc (1.6.2)
    rack (2.2.3)
    rb-fsevent (0.11.0)
    rb-inotify (0.10.1)
      ffi (~> 1.0)
    rexml (3.2.5)
    shellany (0.0.1)
    slow_enumerator_tools (1.1.0)
    stringio (3.0.6)
    thor (1.1.0)
    tty-color (0.6.0)
    tty-command (0.10.1)
      pastel (~> 0.8)
    tty-platform (0.3.0)
    tty-which (0.5.0)
    zeitwerk (2.6.8)

PLATFORMS
  x86_64-darwin-18
  x86_64-darwin-21

DEPENDENCIES
  adsf (~> 1.4.5)
  builder (~> 3.2.4)
  guard-nanoc (~> 2.1.9)
  kramdown (~> 2.4)
  minitest (~> 5.14.3)
  nanoc (~> 4.12)
  nokogiri (~> 1.14)
  puma (~> 6.2)

RUBY VERSION
   ruby 3.1.3p185

BUNDLED WITH
   2.3.26
